GEM
  remote: http://rubygems.org/
  specs:
    albino (1.3.3)
      posix-spawn (>= 0.3.6)
    builder (3.2.2)
    classifier (1.3.4)
      fast-stemmer (>= 1.0.0)
    directory_watcher (1.5.1)
    faraday (0.9.0)
      multipart-post (>= 1.2, < 3)
    fast-stemmer (1.0.2)
    jekyll (0.11.0)
      albino (>= 1.3.2)
      classifier (>= 1.3.1)
      directory_watcher (>= 1.1.1)
      kramdown (>= 0.13.2)
      liquid (>= 1.9.0)
      maruku (>= 0.5.9)
    kramdown (1.3.1)
    liquid (2.6.1)
    maruku (0.7.1)
    multipart-post (2.0.0)
    oauth (0.5.6)
    posix-spawn (0.3.8)
    simple_oauth (0.2.0)
    youtube_it (2.0.0)
      builder
      faraday (>= 0.7.3)
      oauth (>= 0.4.4)
      simple_oauth (>= 0.1.5)

PLATFORMS
  ruby

DEPENDENCIES
  jekyll (= 0.11.0)
  youtube_it (= 2.0.0)
